GIT
  remote: git://github.com/rails/active_record_deprecated_finders.git
  revision: c5418c5119b352332656d8e47b83d3afa77b404f
  specs:
    active_record_deprecated_finders (0.0.1)

GIT
  remote: git://github.com/rails/coffee-rails.git
  revision: 973ea56e6893a0c6a6071699c8773184da2bcf9f
  specs:
    coffee-rails (4.0.0.beta)
      coffee-script (>= 2.2.0)
      railties (>= 4.0.0.beta, < 5.0)

GIT
  remote: git://github.com/rails/rails.git
  revision: d28ba0def829f6fb9ecf824c036391058cbb9e66
  specs:
    actionmailer (4.0.0.beta)
      actionpack (= 4.0.0.beta)
      mail (~> 2.4.4)
    actionpack (4.0.0.beta)
      activemodel (= 4.0.0.beta)
      activesupport (= 4.0.0.beta)
      builder (~> 3.0.0)
      erubis (~> 2.7.0)
      journey (~> 1.0.1)
      rack (~> 1.4.1)
      rack-cache (~> 1.2)
      rack-test (~> 0.6.1)
    activemodel (4.0.0.beta)
      activesupport (= 4.0.0.beta)
      builder (~> 3.0.0)
    activerecord (4.0.0.beta)
      active_record_deprecated_finders (= 0.0.1)
      activemodel (= 4.0.0.beta)
      activesupport (= 4.0.0.beta)
      arel (~> 3.0.2)
    activesupport (4.0.0.beta)
      i18n (~> 0.6)
      multi_json (~> 1.3)
      tzinfo (~> 0.3.31)
    rails (4.0.0.beta)
      actionmailer (= 4.0.0.beta)
      actionpack (= 4.0.0.beta)
      activerecord (= 4.0.0.beta)
      activesupport (= 4.0.0.beta)
      bundler (~> 1.1)
      railties (= 4.0.0.beta)
      sprockets-rails (~> 1.0)
    railties (4.0.0.beta)
      actionpack (= 4.0.0.beta)
      activesupport (= 4.0.0.beta)
      rake (>= 0.8.7)
      rdoc (~> 3.4)
      thor (>= 0.14.6, < 2.0)

GIT
  remote: git://github.com/rails/sass-rails.git
  revision: 325b4ee0bb324be06e4840d48caa183a836598be
  specs:
    sass-rails (4.0.0.beta)
      railties (>= 4.0.0.beta, < 5.0)
      sass (>= 3.1.10)
      sprockets-rails (~> 1.0)
      tilt (~> 1.3)

GEM
  remote: https://rubygems.org/
  specs:
    addressable (2.2.8)
    airbrake (3.1.1)
      activesupport
      builder
    annotate (2.4.1.beta1)
    ansi (1.4.2)
    arel (3.0.2)
    awesome_print (1.0.2)
    bootstrap-sass (2.0.3.1)
    builder (3.0.0)
    capistrano (2.12.0)
      highline
      net-scp (>= 1.0.0)
      net-sftp (>= 2.0.0)
      net-ssh (>= 2.0.14)
      net-ssh-gateway (>= 1.1.0)
    capistrano-ext (1.2.1)
      capistrano (>= 1.0.0)
    capybara (1.1.2)
      mime-types (>= 1.16)
      nokogiri (>= 1.3.3)
      rack (>= 1.0.0)
      rack-test (>= 0.5.4)
      selenium-webdriver (~> 2.0)
      xpath (~> 0.1.4)
    childprocess (0.3.2)
      ffi (~> 1.0.6)
    coderay (1.0.7)
    coffee-script (2.2.0)
      coffee-script-source
      execjs
    coffee-script-source (1.3.3)
    colored (1.2)
    columnize (0.3.6)
    debugger (1.1.4)
      columnize (>= 0.3.1)
      debugger-linecache (~> 1.1.1)
      debugger-ruby_core_source (~> 1.1.3)
    debugger-linecache (1.1.1)
      debugger-ruby_core_source (>= 1.1.1)
    debugger-ruby_core_source (1.1.3)
    diff-lcs (1.1.3)
    em-websocket (0.3.6)
      addressable (>= 2.1.1)
      eventmachine (>= 0.12.9)
    email_spec (1.2.1)
      mail (~> 2.2)
      rspec (~> 2.0)
    erubis (2.7.0)
    eventmachine (0.12.10)
    execjs (1.4.0)
      multi_json (~> 1.0)
    factory_girl (3.4.0)
      activesupport (>= 3.0.0)
    factory_girl_rails (3.4.0)
      factory_girl (~> 3.4.0)
      railties (>= 3.0.0)
    faraday (0.8.1)
      multipart-post (~> 1.1)
    ffi (1.0.11)
    foreman (0.47.0)
      thor (>= 0.13.6)
    growl (1.0.3)
    guard (1.1.1)
      listen (>= 0.4.2)
      thor (>= 0.14.6)
    guard-annotate (1.0.0)
      annotate (>= 2.4.0)
      guard (>= 0.2.2)
    guard-bundler (1.0.0)
      bundler (~> 1.0)
      guard (~> 1.1)
    guard-livereload (1.0.0)
      em-websocket (>= 0.2.0)
      guard (>= 1.1.0)
      multi_json (~> 1.0)
    guard-rspec (1.0.1)
      guard (>= 1.1)
    hashie (1.2.0)
    highline (1.6.13)
    hike (1.2.1)
    httpauth (0.1)
    i18n (0.6.0)
    journey (1.0.4)
    jquery-rails (2.0.2)
      railties (>= 3.2.0, < 5.0)
      thor (~> 0.14)
    json (1.7.3)
    kaminari (0.13.0)
      actionpack (>= 3.0.0)
      activesupport (>= 3.0.0)
      railties (>= 3.0.0)
    libwebsocket (0.1.3)
      addressable
    listen (0.4.5)
      rb-fchange (~> 0.0.5)
      rb-fsevent (~> 0.9.1)
      rb-inotify (~> 0.8.8)
    mail (2.4.4)
      i18n (>= 0.4.0)
      mime-types (~> 1.16)
      treetop (~> 1.4.8)
    mime-types (1.18)
    multi_json (1.3.6)
    multipart-post (1.1.5)
    net-scp (1.0.4)
      net-ssh (>= 1.99.1)
    net-sftp (2.0.5)
      net-ssh (>= 2.0.9)
    net-ssh (2.5.2)
    net-ssh-gateway (1.1.0)
      net-ssh (>= 1.99.1)
    nokogiri (1.5.4)
    oauth2 (0.6.1)
      faraday (~> 0.7)
      httpauth (~> 0.1)
      multi_json (~> 1.3)
    omniauth (1.1.0)
      hashie (~> 1.2)
      rack
    omniauth-github (1.0.1)
      omniauth (~> 1.0)
      omniauth-oauth2 (~> 1.0)
    omniauth-oauth2 (1.0.2)
      oauth2 (~> 0.6.0)
      omniauth (~> 1.0)
    pg (0.13.2)
    polyglot (0.3.3)
    progressbar (0.11.0)
    puma (1.4.0)
      rack (~> 1.2)
    rack (1.4.1)
    rack-cache (1.2)
      rack (>= 0.4)
    rack-test (0.6.1)
      rack (>= 1.0)
    rails_best_practices (1.9.1)
      activesupport
      awesome_print
      colored
      erubis
      i18n
      progressbar
      sexp_processor
    rake (0.9.2.2)
    rb-fchange (0.0.5)
      ffi
    rb-fsevent (0.9.1)
    rb-inotify (0.8.8)
      ffi (>= 0.5.0)
    rdoc (3.12)
      json (~> 1.4)
    redcarpet (2.1.1)
    rspec (2.10.0)
      rspec-core (~> 2.10.0)
      rspec-expectations (~> 2.10.0)
      rspec-mocks (~> 2.10.0)
    rspec-core (2.10.1)
    rspec-expectations (2.10.0)
      diff-lcs (~> 1.1.3)
    rspec-instafail (0.1.9)
    rspec-mocks (2.10.1)
    rspec-rails (2.10.1)
      actionpack (>= 3.0)
      activesupport (>= 3.0)
      railties (>= 3.0)
      rspec (~> 2.10.0)
    rubyzip (0.9.8)
    sass (3.1.19)
    selenium-webdriver (2.22.2)
      childprocess (>= 0.2.5)
      ffi (~> 1.0)
      libwebsocket (~> 0.1.3)
      multi_json (~> 1.0)
      rubyzip
    sexp_processor (4.0.0)
    shoulda-matchers (1.1.0)
      activesupport (>= 3.0.0)
    simplecov (0.6.4)
      multi_json (~> 1.0)
      simplecov-html (~> 0.5.3)
    simplecov-html (0.5.3)
    sprockets (2.3.2)
      hike (~> 1.2)
      multi_json (~> 1.0)
      rack (~> 1.0)
      tilt (~> 1.1, != 1.3.0)
    sprockets-rails (1.0.0)
      railties (>= 4.0.0.beta, < 5.0)
      sprockets (~> 2.3.1)
    strong_parameters (0.1.3)
      actionpack (>= 3.2.0)
      activemodel (>= 3.2.0)
    thor (0.15.2)
    tilt (1.3.3)
    treetop (1.4.10)
      polyglot
      polyglot (>= 0.3.1)
    turn (0.9.5)
      ansi
    tzinfo (0.3.33)
    uglifier (1.2.4)
      execjs (>= 0.3.0)
      multi_json (>= 1.0.2)
    xpath (0.1.4)
      nokogiri (~> 1.3)

PLATFORMS
  ruby

DEPENDENCIES
  active_record_deprecated_finders!
  airbrake
  annotate (~> 2.4.1.beta1)
  bootstrap-sass (>= 2.0.3)
  capistrano
  capistrano-ext
  capybara
  coderay
  coffee-rails!
  debugger
  email_spec (>= 1.2.1)
  execjs
  factory_girl_rails (>= 3.3.0)
  foreman
  growl
  guard (>= 0.6.2)
  guard-annotate
  guard-bundler (>= 0.1.3)
  guard-livereload (>= 0.3.0)
  guard-rspec (>= 0.4.3)
  jquery-rails
  kaminari
  omniauth (>= 1.1.0)
  omniauth-github
  pg
  puma
  rails!
  rails_best_practices
  rb-fsevent
  redcarpet
  rspec-instafail
  rspec-rails (>= 2.10.1)
  sass-rails!
  shoulda-matchers
  simplecov
  strong_parameters
  turn
  uglifier (~> 1.2.4)
